{
	"Modality": "MR",
	"MagneticFieldStrength": 3,
	"ImagingFrequency": 123.245,
	"Manufacturer": "Siemens",
	"ManufacturersModelName": "Prisma",
	"InstitutionName": "UCSD",
	"InstitutionalDepartmentName": "MRI",
	"InstitutionAddress": "Gilman Dr 9500,La Jolla,CA,US,92093",
	"DeviceSerialNumber": "166239",
	"StationName": "AWP166239",
	"BodyPartExamined": "BRAIN",
	"PatientPosition": "HFS",
	"ProcedureStepDescription": "DTI-Product^Sample Tractography DTI",
	"SoftwareVersions": "syngo MR E11",
	"MRAcquisitionType": "2D",
	"SeriesDescription": "ABCD_fMRI_rest",
	"ProtocolName": "ABCD_fMRI_rest",
	"ScanningSequence": "EP",
	"SequenceVariant": "SK",
	"ScanOptions": "FS\\CT",
	"SequenceName": "epfid2d1_90",
	"ImageType": ["ORIGINAL", "PRIMARY", "M", "ND", "MOSAIC"],
	"SeriesNumber": 19,
	"AcquisitionTime": "16:27:47.337500",
	"AcquisitionNumber": 1,
	"ImageComments": "SMS_ABCD_V1.2; MB=6; FOVshift=3; K_PE=5; K_RO=5; LeakBlockOn;",
	"SliceThickness": 2.4,
	"SpacingBetweenSlices": 2.4,
	"SAR": 0.0572269,
	"EchoTime": 0.03,
	"RepetitionTime": 0.8,
	"FlipAngle": 52,
	"PartialFourier": 1,
	"BaseResolution": 90,
	"ShimSetting": [
		116,
		-11560,
		-9446,
		272,
		-18,
		65,
		79,
		32	],
	"TxRefAmp": 237.351,
	"PhaseResolution": 1,
	"ReceiveCoilName": "Head_32",
	"ReceiveCoilActiveElements": "HEA;HEP",
	"PulseSequenceDetails": "%CustomerSeq%\\ep2d_bold_sms_abcd",
	"WipMemBlock": "5bedef10-6a36-4334-85c4-a78c9cfd86ae",
	"RefLinesPE": 22,
	"CoilCombinationMethod": "Sum of Squares",
	"ConsistencyInfo": "N4_VE11C_LATEST_20160120",
	"MultibandAccelerationFactor": 6,
	"PercentPhaseFOV": 100,
	"PercentSampling": 100,
	"EchoTrainLength": 90,
	"PhaseEncodingSteps": 90,
	"AcquisitionMatrixPE": 90,
	"ReconMatrixPE": 90,
	"BandwidthPerPixelPhaseEncode": 21.786,
	"EffectiveEchoSpacing": 0.000510012,
	"DerivedVendorReportedEchoSpacing": 0.000510012,
	"TotalReadoutTime": 0.045391,
	"PixelBandwidth": 2780,
	"DwellTime": 2e-06,
	"PhaseEncodingDirection": "j",
	"SliceTiming": [
		0.545,
		0,
		0.39,
		0.0775,
		0.4675,
		0.2325,
		0.6225,
		0.31,
		0.7,
		0.155,
		0.545,
		0,
		0.39,
		0.0775,
		0.4675,
		0.2325,
		0.6225,
		0.31,
		0.7,
		0.155,
		0.545,
		0,
		0.39,
		0.0775,
		0.4675,
		0.2325,
		0.6225,
		0.31,
		0.7,
		0.155,
		0.545,
		0,
		0.39,
		0.0775,
		0.4675,
		0.2325,
		0.6225,
		0.31,
		0.7,
		0.155,
		0.545,
		0,
		0.39,
		0.0775,
		0.4675,
		0.2325,
		0.6225,
		0.31,
		0.7,
		0.155,
		0.545,
		0,
		0.39,
		0.0775,
		0.4675,
		0.2325,
		0.6225,
		0.31,
		0.7,
		0.155	],
	"ImageOrientationPatientDICOM": [
		0.999971,
		-0.00268965,
		0.00711622,
		0.00279246,
		0.999891,
		-0.0144781	],
	"ImageOrientationText": "Tra>Cor(-0.8)>Sag(0.4)",
	"InPlanePhaseEncodingDirectionDICOM": "COL",
	"ConversionSoftware": "dcm2niix",
	"ConversionSoftwareVersion": "v1.0.20211006"
}
